GIT
  remote: https://github.com/bridgetownrb/bridgetown-feed.git
  revision: ccbd0f598d61c7f157dcdce656742ea10f6d3732
  ref: ccbd0f598d61c7f157dcdce656742ea10f6d3732
  specs:
    bridgetown-feed (2.0.1)
      bridgetown (>= 0.20, < 2.0)

GEM
  remote: https://rubygems.org/
  specs:
    activemodel (6.1.4.1)
      activesupport (= 6.1.4.1)
    activesupport (6.1.4.1)
      concurrent-ruby (~> 1.0, >= 1.0.2)
      i18n (>= 1.6, < 2)
      minitest (>= 5.1)
      tzinfo (~> 2.0)
      zeitwerk (~> 2.3)
    addressable (2.8.0)
      public_suffix (>= 2.0.2, < 5.0)
    amazing_print (1.4.0)
    aws_cf_signer (0.1.3)
    bridgetown (1.0.0.alpha1)
      bridgetown-builder (= 1.0.0.alpha1)
      bridgetown-core (= 1.0.0.alpha1)
      bridgetown-paginate (= 1.0.0.alpha1)
    bridgetown-builder (1.0.0.alpha1)
      bridgetown-core (= 1.0.0.alpha1)
    bridgetown-cloudinary (1.2.0)
      bridgetown (>= 0.21, < 2.0)
      cloudinary (>= 0.13)
    bridgetown-core (1.0.0.alpha1)
      activemodel (~> 6.0)
      activesupport (~> 6.0)
      addressable (~> 2.4)
      amazing_print (~> 1.2)
      colorator (~> 1.0)
      erubi (~> 1.9)
      faraday (~> 1.0)
      faraday_middleware (~> 1.0)
      hash_with_dot_access (~> 1.0)
      i18n (~> 1.0)
      kramdown (~> 2.1)
      kramdown-parser-gfm (~> 1.0)
      liquid (~> 5.0)
      liquid-component (>= 0.1)
      listen (~> 3.0)
      rack-indifferent (>= 1.2.0)
      rake (>= 13.0)
      roda (~> 3.46)
      rouge (~> 3.0)
      terminal-table (~> 1.8)
      thor (~> 1.1)
      tilt (~> 2.0)
      webrick (~> 1.7)
    bridgetown-paginate (1.0.0.alpha1)
      bridgetown-core (= 1.0.0.alpha1)
    bridgetown-svg-inliner (1.0.2)
      bridgetown (>= 0.20, < 2.0)
      nokogiri
    cloudinary (1.21.0)
      aws_cf_signer
      rest-client (>= 2.0.0)
    colorator (1.1.0)
    concurrent-ruby (1.1.9)
    domain_name (0.5.20190701)
      unf (>= 0.0.5, < 1.0.0)
    erubi (1.10.0)
    faraday (1.8.0)
      faraday-em_http (~> 1.0)
      faraday-em_synchrony (~> 1.0)
      faraday-excon (~> 1.1)
      faraday-httpclient (~> 1.0.1)
      faraday-net_http (~> 1.0)
      faraday-net_http_persistent (~> 1.1)
      faraday-patron (~> 1.0)
      faraday-rack (~> 1.0)
      multipart-post (>= 1.2, < 3)
      ruby2_keywords (>= 0.0.4)
    faraday-em_http (1.0.0)
    faraday-em_synchrony (1.0.0)
    faraday-excon (1.1.0)
    faraday-httpclient (1.0.1)
    faraday-net_http (1.0.1)
    faraday-net_http_persistent (1.2.0)
    faraday-patron (1.0.0)
    faraday-rack (1.0.0)
    faraday_middleware (1.2.0)
      faraday (~> 1.0)
    ffi (1.15.4)
    hash_with_dot_access (1.1.0)
      activesupport (>= 5.0.0, < 7.0)
    http-accept (1.7.0)
    http-cookie (1.0.4)
      domain_name (~> 0.5)
    i18n (1.8.10)
      concurrent-ruby (~> 1.0)
    kramdown (2.3.1)
      rexml
    kramdown-parser-gfm (1.1.0)
      kramdown (~> 2.0)
    liquid (5.1.0)
    liquid-component (0.1.0)
      activesupport (>= 5.0)
      safe_yaml (~> 1.0)
    listen (3.7.0)
      rb-fsevent (~> 0.10, >= 0.10.3)
      rb-inotify (~> 0.9, >= 0.9.10)
    mime-types (3.3.1)
      mime-types-data (~> 3.2015)
    mime-types-data (3.2021.0901)
    minitest (5.14.4)
    multipart-post (2.1.1)
    netrc (0.11.0)
    nokogiri (1.12.5-x86_64-linux)
      racc (~> 1.4)
    public_suffix (4.0.6)
    racc (1.6.0)
    rack (2.2.3)
    rack-indifferent (1.2.0)
      rack (>= 1.5)
    rake (13.0.6)
    rb-fsevent (0.11.0)
    rb-inotify (0.10.1)
      ffi (~> 1.0)
    rest-client (2.1.0)
      http-accept (>= 1.7.0, < 2.0)
      http-cookie (>= 1.0.2, < 2.0)
      mime-types (>= 1.16, < 4.0)
      netrc (~> 0.8)
    rexml (3.2.5)
    roda (3.49.0)
      rack
    rouge (3.26.1)
    ruby2_keywords (0.0.5)
    safe_yaml (1.0.5)
    terminal-table (1.8.0)
      unicode-display_width (~> 1.1, >= 1.1.1)
    thor (1.1.0)
    tilt (2.0.10)
    tzinfo (2.0.4)
      concurrent-ruby (~> 1.0)
    unf (0.1.4)
      unf_ext
    unf_ext (0.0.8)
    unicode-display_width (1.8.0)
    webrick (1.7.0)
    zeitwerk (2.4.2)

PLATFORMS
  x86_64-linux

DEPENDENCIES
  bridgetown (= 1.0.0.alpha1)
  bridgetown-cloudinary (= 1.2.0)
  bridgetown-feed!
  bridgetown-svg-inliner (= 1.0.2)

BUNDLED WITH
   2.2.3
